GEM
  remote: http://rubygems.org/
  specs:
    akami (1.2.2)
      gyoku (>= 0.4.0)
      nokogiri
    builder (3.2.2)
    gyoku (1.1.1)
      builder (>= 2.1.2)
    httpi (2.2.4)
      rack
    macaddr (1.7.1)
      systemu (~> 2.6.2)
    mime-types (1.25.1)
    mini_portile (0.5.3)
    mono_logger (1.1.0)
    multi_json (1.10.1)
    nokogiri (1.6.1)
      mini_portile (~> 0.5.0)
    nori (2.4.0)
    paint (0.8.7)
    rack (1.5.2)
    rack-protection (1.5.3)
      rack
    redis (3.1.0)
    redis-namespace (1.5.0)
      redis (~> 3.0, >= 3.0.4)
    resque (1.25.2)
      mono_logger (~> 1.0)
      multi_json (~> 1.0)
      redis-namespace (~> 1.3)
      sinatra (>= 0.9.2)
      vegas (~> 0.1.2)
    restclient (0.10.0)
      paint (~> 0.8)
    savon (2.6.0)
      akami (~> 1.2.0)
      builder (>= 2.1.2)
      gyoku (~> 1.1.0)
      httpi (~> 2.2.3)
      nokogiri (>= 1.4.0)
      nori (~> 2.4.0)
      uuid (~> 2.3.7)
      wasabi (~> 3.3.0)
    sinatra (1.4.5)
      rack (~> 1.4)
      rack-protection (~> 1.4)
      tilt (~> 1.3, >= 1.3.4)
    sinatra-redis (0.3.0)
      redis
      sinatra (>= 0.9.4)
    systemu (2.6.4)
    tilt (1.4.1)
    uuid (2.3.7)
      macaddr (~> 1.0)
    vegas (0.1.11)
      rack (>= 1.0.0)
    wasabi (3.3.0)
      httpi (~> 2.0)
      mime-types (< 2.0.0)
      nokogiri (>= 1.4.0)

PLATFORMS
  ruby

DEPENDENCIES
  redis
  resque
  restclient
  savon
  sinatra
  sinatra-redis
